GEM
  remote: http://rubygems.org/
  specs:
    builder (3.0.0)
    coderay (1.0.5)
    cucumber (1.1.9)
      builder (>= 2.1.2)
      diff-lcs (>= 1.1.2)
      gherkin (~> 2.9.0)
      json (>= 1.4.6)
      term-ansicolor (>= 1.0.6)
    diff-lcs (1.1.3)
    ffi (1.0.11)
    gherkin (2.9.3)
      json (>= 1.4.6)
    guard (1.0.0)
      ffi (>= 0.5.0)
      thor (~> 0.14.6)
    guard-cucumber (0.7.5)
      cucumber (>= 0.10)
      guard (>= 0.8.3)
    guard-rspec (0.6.0)
      guard (>= 0.10.0)
    json (1.6.6)
    method_source (0.7.0)
    pry (0.9.8.1)
      coderay (~> 1.0.5)
      method_source (~> 0.7)
      slop (>= 2.4.3, < 3)
    rspec (2.9.0)
      rspec-core (~> 2.9.0)
      rspec-expectations (~> 2.9.0)
      rspec-mocks (~> 2.9.0)
    rspec-core (2.9.0)
    rspec-expectations (2.9.1)
      diff-lcs (~> 1.1.3)
    rspec-mocks (2.9.0)
    slop (2.4.3)
    term-ansicolor (1.0.7)
    thor (0.14.6)

PLATFORMS
  ruby

DEPENDENCIES
  cucumber
  guard-cucumber
  guard-rspec
  pry
  rspec
